GEM
  remote: http://rubygems.org/
  specs:
    addressable (2.2.6)
    clockwork (0.3.1)
    faraday (0.6.1)
      addressable (~> 2.2.4)
      multipart-post (~> 1.1.0)
      rack (>= 1.1.0, < 2)
    faraday_middleware (0.6.5)
      faraday (~> 0.6.0)
    hashie (1.0.0)
    hipchat (0.4.0)
      httparty
    httparty (0.8.1)
      multi_json
      multi_xml
    multi_json (1.0.3)
    multi_xml (0.2.2)
    multipart-post (1.1.3)
    rack (1.3.5)
    simple_oauth (0.1.5)
    yammer (0.1.1)
      faraday (~> 0.6.1)
      faraday_middleware (~> 0.6.3)
      hashie (~> 1.0.0)
      multi_json (~> 1.0.0)
      multi_xml (~> 0.2.0)
      simple_oauth (~> 0.1.5)

PLATFORMS
  ruby

DEPENDENCIES
  clockwork
  hipchat
  yammer
