GEM
  remote: http://rubygems.org/
  specs:
    clockwork (0.3.1)
    hipchat (0.4.0)
      httparty
    httparty (0.8.1)
      multi_json
      multi_xml
    multi_json (1.0.3)
    multi_xml (0.2.2)

PLATFORMS
  ruby

DEPENDENCIES
  clockwork
  hipchat
  httparty
